GIT
  remote: git://github.com/intridea/omniauth.git
  revision: 5203ccd60a51939a0a9b85f3ad7d6d1a41241c5d
  specs:
    oa-basic (0.3.0.rc1)
      oa-core (= 0.3.0.rc1)
      rest-client (~> 1.6.0)
    oa-core (0.3.0.rc1)
    oa-enterprise (0.3.0.rc1)
      addressable (~> 2.2.6)
      net-ldap (~> 0.2.2)
      nokogiri (~> 1.5.0)
      oa-core (= 0.3.0.rc1)
      pyu-ruby-sasl (~> 0.0.3.1)
      rubyntlm (~> 0.1.1)
    oa-more (0.3.0.rc1)
      multi_json (~> 1.0.0)
      oa-core (= 0.3.0.rc1)
      rest-client (~> 1.6.0)
    oa-oauth (0.3.0.rc1)
      faraday (~> 0.7.3)
      multi_json (~> 1.0.0)
      multi_xml (~> 0.2.2)
      oa-core (= 0.3.0.rc1)
      oauth (~> 0.4.0)
      oauth2 (~> 0.5.0.rc2)
    oa-openid (0.3.0.rc1)
      oa-core (= 0.3.0.rc1)
      rack-openid (~> 1.3.1)
      ruby-openid-apps-discovery (~> 1.2.0)
    omniauth (0.3.0.rc1)
      oa-basic (= 0.3.0.rc1)
      oa-core (= 0.3.0.rc1)
      oa-enterprise (= 0.3.0.rc1)
      oa-more (= 0.3.0.rc1)
      oa-oauth (= 0.3.0.rc1)
      oa-openid (= 0.3.0.rc1)

GEM
  remote: http://rubygems.org/
  specs:
    ZenTest (4.6.0)
    actionmailer (3.1.0.rc4)
      actionpack (= 3.1.0.rc4)
      mail (~> 2.3.0)
    actionpack (3.1.0.rc4)
      activemodel (= 3.1.0.rc4)
      activesupport (= 3.1.0.rc4)
      builder (~> 3.0.0)
      erubis (~> 2.7.0)
      i18n (~> 0.6)
      rack (~> 1.3.0)
      rack-cache (~> 1.0.1)
      rack-mount (~> 0.8.1)
      rack-test (~> 0.6.0)
      sprockets (~> 2.0.0.beta.10)
      tzinfo (~> 0.3.27)
    activemodel (3.1.0.rc4)
      activesupport (= 3.1.0.rc4)
      bcrypt-ruby (~> 2.1.4)
      builder (~> 3.0.0)
      i18n (~> 0.6)
    activerecord (3.1.0.rc4)
      activemodel (= 3.1.0.rc4)
      activesupport (= 3.1.0.rc4)
      arel (~> 2.1.1)
      tzinfo (~> 0.3.27)
    activeresource (3.1.0.rc4)
      activemodel (= 3.1.0.rc4)
      activesupport (= 3.1.0.rc4)
    activesupport (3.1.0.rc4)
      multi_json (~> 1.0)
    addressable (2.2.6)
    albino (1.3.3)
      posix-spawn (>= 0.3.6)
    arel (2.1.3)
    autotest-fsevent (0.2.5)
      sys-uname
    autotest-growl (0.2.9)
    autotest-rails (4.1.0)
      ZenTest
    bcrypt-ruby (2.1.4)
    builder (3.0.0)
    capybara (1.0.0)
      mime-types (>= 1.16)
      nokogiri (>= 1.3.3)
      rack (>= 1.0.0)
      rack-test (>= 0.5.4)
      selenium-webdriver (~> 0.2.0)
      xpath (~> 0.1.4)
    childprocess (0.2.0)
      ffi (~> 1.0.6)
    coffee-script (2.2.0)
      coffee-script-source
      execjs
    coffee-script-source (1.1.1)
    cucumber (1.0.2)
      builder (>= 2.1.2)
      diff-lcs (>= 1.1.2)
      gherkin (~> 2.4.5)
      json (>= 1.4.6)
      term-ansicolor (>= 1.0.5)
    cucumber-rails (1.0.2)
      capybara (>= 1.0.0)
      cucumber (~> 1.0.0)
      nokogiri (>= 1.4.6)
    database_cleaner (0.6.7)
    decent_exposure (1.0.1)
    diff-lcs (1.1.2)
    dynamic_form (1.1.4)
    erubis (2.7.0)
    execjs (1.2.0)
      multi_json (~> 1.0)
    factory_girl (2.0.1)
    factory_girl_rails (1.1.0)
      factory_girl (~> 2.0.0)
      railties (>= 3.0.0)
    faraday (0.7.4)
      addressable (~> 2.2.6)
      multipart-post (~> 1.1.0)
      rack (>= 1.1.0, < 2)
    ffi (1.0.9)
    gherkin (2.4.5)
      json (>= 1.4.6)
    haml (3.1.2)
    hike (1.2.0)
    i18n (0.6.0)
    jquery-rails (1.0.12)
      railties (~> 3.0)
      thor (~> 0.14)
    json (1.5.3)
    json_pure (1.5.3)
    kaminari (0.12.4)
      rails (>= 3.0.0)
    mail (2.3.0)
      i18n (>= 0.4.0)
      mime-types (~> 1.16)
      treetop (~> 1.4.8)
    mime-types (1.16)
    multi_json (1.0.3)
    multi_xml (0.2.2)
    multipart-post (1.1.2)
    net-ldap (0.2.2)
    nokogiri (1.5.0)
    oauth (0.4.5)
    oauth2 (0.5.0.rc2)
      faraday (>= 0.6.1, < 0.8)
      multi_json (~> 1.0.0)
    polyglot (0.3.1)
    posix-spawn (0.3.6)
    pyu-ruby-sasl (0.0.3.3)
    rack (1.3.1)
    rack-cache (1.0.2)
      rack (>= 0.4)
    rack-mount (0.8.1)
      rack (>= 1.0.0)
    rack-openid (1.3.1)
      rack (>= 1.1.0)
      ruby-openid (>= 2.1.8)
    rack-ssl (1.3.2)
      rack
    rack-test (0.6.0)
      rack (>= 1.0)
    rails (3.1.0.rc4)
      actionmailer (= 3.1.0.rc4)
      actionpack (= 3.1.0.rc4)
      activerecord (= 3.1.0.rc4)
      activeresource (= 3.1.0.rc4)
      activesupport (= 3.1.0.rc4)
      bundler (~> 1.0)
      railties (= 3.1.0.rc4)
    railties (3.1.0.rc4)
      actionpack (= 3.1.0.rc4)
      activesupport (= 3.1.0.rc4)
      rack-ssl (~> 1.3.2)
      rake (>= 0.8.7)
      rdoc (~> 3.4)
      thor (~> 0.14.6)
    rake (0.9.2)
    rcov (0.9.9)
    rdoc (3.8)
    redcarpet (1.17.2)
    rest-client (1.6.3)
      mime-types (>= 1.16)
    rspec (2.6.0)
      rspec-core (~> 2.6.0)
      rspec-expectations (~> 2.6.0)
      rspec-mocks (~> 2.6.0)
    rspec-core (2.6.4)
    rspec-expectations (2.6.0)
      diff-lcs (~> 1.1.2)
    rspec-mocks (2.6.0)
    rspec-rails (2.6.1)
      actionpack (~> 3.0)
      activesupport (~> 3.0)
      railties (~> 3.0)
      rspec (~> 2.6.0)
    ruby-openid (2.1.8)
    ruby-openid-apps-discovery (1.2.0)
      ruby-openid (>= 2.1.7)
    rubyntlm (0.1.1)
    rubyzip (0.9.4)
    sass (3.1.4)
    sass-rails (3.1.0.rc.4)
      actionpack (~> 3.1.0.rc1)
      railties (~> 3.1.0.rc1)
      sass (>= 3.1.4)
      sprockets (>= 2.0.0.beta.9)
    selenium-webdriver (0.2.2)
      childprocess (>= 0.1.9)
      ffi (>= 1.0.7)
      json_pure
      rubyzip
    shoulda (2.11.3)
    sprockets (2.0.0.beta.10)
      hike (~> 1.0)
      rack (~> 1.0)
      tilt (!= 1.3.0, ~> 1.1)
    sqlite3 (1.3.3)
    sys-uname (0.8.5)
    term-ansicolor (1.0.6)
    therubyracer-heroku (0.8.1.pre3)
    thor (0.14.6)
    tilt (1.3.2)
    treetop (1.4.9)
      polyglot (>= 0.3.1)
    tzinfo (0.3.29)
    uglifier (1.0.0)
      execjs (>= 0.3.0)
      multi_json (>= 1.0.2)
    xpath (0.1.4)
      nokogiri (~> 1.3)

PLATFORMS
  ruby

DEPENDENCIES
  albino
  autotest-fsevent
  autotest-growl
  autotest-rails
  capybara
  coffee-script
  cucumber-rails
  database_cleaner
  decent_exposure
  dynamic_form
  factory_girl_rails
  haml
  jquery-rails
  json
  kaminari
  nokogiri (= 1.5.0)
  omniauth!
  rails (= 3.1.0.rc4)
  rcov
  redcarpet
  rspec-rails
  sass-rails (~> 3.1.0.rc)
  shoulda
  sqlite3
  therubyracer-heroku (= 0.8.1.pre3)
  uglifier
